GIT
  remote: https://github.com/cbothner/markerb
  revision: 197a5e26c3297eca4601dc658ccfd3cd01ca24ea
  specs:
    markerb (1.1.0)

GIT
  remote: https://github.com/cbothner/omniauth-lti
  revision: 578245b0cabb755a209221ce1682667d9154ac4d
  specs:
    omniauth-lti (0.0.3)
      ims-lti (= 1.1.13)
      oauth (~> 0.5)
      omniauth

GEM
  remote: https://rubygems.org/
  specs:
    actioncable (7.0.8.7)
      actionpack (= 7.0.8.7)
      activesupport (= 7.0.8.7)
      nio4r (~> 2.0)
      websocket-driver (>= 0.6.1)
    actionmailbox (7.0.8.7)
      actionpack (= 7.0.8.7)
      activejob (= 7.0.8.7)
      activerecord (= 7.0.8.7)
      activestorage (= 7.0.8.7)
      activesupport (= 7.0.8.7)
      mail (>= 2.7.1)
      net-imap
      net-pop
      net-smtp
    actionmailer (7.0.8.7)
      actionpack (= 7.0.8.7)
      actionview (= 7.0.8.7)
      activejob (= 7.0.8.7)
      activesupport (= 7.0.8.7)
      mail (~> 2.5, >= 2.5.4)
      net-imap
      net-pop
      net-smtp
      rails-dom-testing (~> 2.0)
    actionpack (7.0.8.7)
      actionview (= 7.0.8.7)
      activesupport (= 7.0.8.7)
      rack (~> 2.0, >= 2.2.4)
      rack-test (>= 0.6.3)
      rails-dom-testing (~> 2.0)
      rails-html-sanitizer (~> 1.0, >= 1.2.0)
    actiontext (7.0.8.7)
      actionpack (= 7.0.8.7)
      activerecord (= 7.0.8.7)
      activestorage (= 7.0.8.7)
      activesupport (= 7.0.8.7)
      globalid (>= 0.6.0)
      nokogiri (>= 1.8.5)
    actionview (7.0.8.7)
      activesupport (= 7.0.8.7)
      builder (~> 3.1)
      erubi (~> 1.4)
      rails-dom-testing (~> 2.0)
      rails-html-sanitizer (~> 1.1, >= 1.2.0)
    active_model_serializers (0.10.13)
      actionpack (>= 4.1, < 7.1)
      activemodel (>= 4.1, < 7.1)
      case_transform (>= 0.2)
      jsonapi-renderer (>= 0.1.1.beta1, < 0.3)
    active_storage_validations (1.4.0)
      activejob (>= 6.1.4)
      activemodel (>= 6.1.4)
      activestorage (>= 6.1.4)
      activesupport (>= 6.1.4)
      marcel (>= 1.0.3)
    activejob (7.0.8.7)
      activesupport (= 7.0.8.7)
      globalid (>= 0.3.6)
    activemodel (7.0.8.7)
      activesupport (= 7.0.8.7)
    activemodel-serializers-xml (1.0.3)
      activemodel (>= 5.0.0.a)
      activesupport (>= 5.0.0.a)
      builder (~> 3.1)
    activerecord (7.0.8.7)
      activemodel (= 7.0.8.7)
      activesupport (= 7.0.8.7)
    activestorage (7.0.8.7)
      actionpack (= 7.0.8.7)
      activejob (= 7.0.8.7)
      activerecord (= 7.0.8.7)
      activesupport (= 7.0.8.7)
      marcel (~> 1.0)
      mini_mime (>= 1.1.0)
    activesupport (7.0.8.7)
      concurrent-ruby (~> 1.0, >= 1.0.2)
      i18n (>= 1.6, < 2)
      minitest (>= 5.1)
      tzinfo (~> 2.0)
    acts_as_list (1.2.4)
      activerecord (>= 6.1)
      activesupport (>= 6.1)
    addressable (2.8.7)
      public_suffix (>= 2.0.2, < 7.0)
    administrate (0.17.0)
      actionpack (>= 5.0)
      actionview (>= 5.0)
      activerecord (>= 5.0)
      datetime_picker_rails (~> 0.0.7)
      jquery-rails (>= 4.0)
      kaminari (>= 1.0)
      momentjs-rails (~> 2.8)
      sassc-rails (~> 2.1)
      selectize-rails (~> 0.6)
    administrate-field-active_storage (0.2.2)
      administrate (>= 0.2.2)
      rails (>= 6.0)
    ahoy_matey (3.0.1)
      activesupport (>= 5)
      device_detector
      geocoder (>= 1.4.5)
      safely_block (>= 0.2.1)
    ast (2.4.2)
    awesome_print (1.9.2)
    aws-eventstream (1.3.0)
    aws-partitions (1.1033.0)
    aws-sdk-core (3.214.1)
      aws-eventstream (~> 1, >= 1.3.0)
      aws-partitions (~> 1, >= 1.992.0)
      aws-sigv4 (~> 1.9)
      jmespath (~> 1, >= 1.6.1)
    aws-sdk-kms (1.96.0)
      aws-sdk-core (~> 3, >= 3.210.0)
      aws-sigv4 (~> 1.5)
    aws-sdk-s3 (1.177.0)
      aws-sdk-core (~> 3, >= 3.210.0)
      aws-sdk-kms (~> 1)
      aws-sigv4 (~> 1.5)
    aws-sigv4 (1.10.1)
      aws-eventstream (~> 1, >= 1.0.2)
    axiom-types (0.1.1)
      descendants_tracker (~> 0.0.4)
      ice_nine (~> 0.11.0)
      thread_safe (~> 0.3, >= 0.3.1)
    base64 (0.2.0)
    bcrypt (3.1.20)
    bigdecimal (3.1.8)
    bindex (0.8.1)
    bootsnap (1.18.4)
      msgpack (~> 1.2)
    builder (3.3.0)
    bullet (8.0.0)
      activesupport (>= 3.0.0)
      uniform_notifier (~> 1.11)
    byebug (11.1.1)
    capybara (3.40.0)
      addressable
      matrix
      mini_mime (>= 0.1.3)
      nokogiri (~> 1.11)
      rack (>= 1.6.0)
      rack-test (>= 0.6.3)
      regexp_parser (>= 1.5, < 3.0)
      xpath (~> 3.2)
    capybara-screenshot (1.0.26)
      capybara (>= 1.0, < 4)
      launchy
    case_transform (0.2)
      activesupport
    clowne (1.5.0)
    clowne_active_storage (0.1.0)
      clowne
      rails
    coderay (1.1.3)
    coercible (1.0.0)
      descendants_tracker (~> 0.0.1)
    concurrent-ruby (1.3.4)
    connection_pool (2.4.1)
    crass (1.0.6)
    database_cleaner-active_record (2.2.0)
      activerecord (>= 5.a)
      database_cleaner-core (~> 2.0.0)
    database_cleaner-core (2.0.1)
    date (3.4.1)
    datetime_picker_rails (0.0.7)
      momentjs-rails (>= 2.8.1)
    descendants_tracker (0.0.4)
      thread_safe (~> 0.3, >= 0.3.1)
    device_detector (1.0.3)
    devise (4.9.4)
      bcrypt (~> 3.0)
      orm_adapter (~> 0.1)
      railties (>= 4.1.0)
      responders
      warden (~> 1.2.3)
    devise-i18n (1.9.1)
      devise (>= 4.7.1)
    diff-lcs (1.5.1)
    doc_to_dash (0.0.10)
      nokogiri
      sqlite3
    dotenv (2.8.1)
    dotenv-rails (2.8.1)
      dotenv (= 2.8.1)
      railties (>= 3.2)
    draper (4.0.2)
      actionpack (>= 5.0)
      activemodel (>= 5.0)
      activemodel-serializers-xml (>= 1.0)
      activesupport (>= 5.0)
      request_store (>= 1.0)
      ruby2_keywords
    email_reply_parser (0.5.10)
    errbase (0.2.0)
    erubi (1.13.1)
    factory_bot (6.5.0)
      activesupport (>= 5.0.0)
    factory_bot_rails (6.4.4)
      factory_bot (~> 6.5)
      railties (>= 5.0.0)
    faker (3.5.1)
      i18n (>= 1.8.11, < 2)
    faraday (1.0.1)
      multipart-post (>= 1.2, < 3)
    ffi (1.17.1)
    ffi (1.17.1-x86_64-darwin)
    flamegraph (0.9.5)
    foreman (0.87.0)
    formatador (1.1.0)
    friendly_id (5.5.1)
      activerecord (>= 4.0.0)
    geocoder (1.6.2)
    globalid (1.2.1)
      activesupport (>= 6.1)
    groupdate (5.0.0)
      activesupport (>= 5)
    guard (2.19.1)
      formatador (>= 0.2.4)
      listen (>= 2.7, < 4.0)
      logger (~> 1.6)
      lumberjack (>= 1.0.12, < 2.0)
      nenv (~> 0.1)
      notiffany (~> 0.0)
      ostruct (~> 0.6)
      pry (>= 0.13.0)
      shellany (~> 0.0)
      thor (>= 0.18.1)
    guard-compat (1.2.1)
    guard-rspec (4.7.3)
      guard (~> 2.1)
      guard-compat (~> 1.1)
      rspec (>= 2.99.0, < 4.0)
    haml (5.1.2)
      temple (>= 0.8.0)
      tilt
    hashie (4.1.0)
    http_accept_language (2.1.1)
    i18n (1.14.6)
      concurrent-ruby (~> 1.0)
    i18n_generators (2.2.2)
      activerecord (>= 3.0.0)
      railties (>= 3.0.0)
    i18n_yaml_sorter (0.2.0)
    ice_nine (0.11.2)
    image_processing (1.13.0)
      mini_magick (>= 4.9.5, < 5)
      ruby-vips (>= 2.0.17, < 3)
    ims-lti (1.1.13)
      builder
      oauth (>= 0.4.5, < 0.6)
    inline_svg (1.7.1)
      activesupport (>= 3.0)
      nokogiri (>= 1.6)
    jbuilder (2.11.5)
      actionview (>= 5.0.0)
      activesupport (>= 5.0.0)
    jmespath (1.6.2)
    jquery-rails (4.6.0)
      rails-dom-testing (>= 1, < 3)
      railties (>= 4.2.0)
      thor (>= 0.14, < 2.0)
    json (2.9.1)
    jsonapi-renderer (0.2.2)
    jwt (2.2.1)
    kaminari (1.2.2)
      activesupport (>= 4.1.0)
      kaminari-actionview (= 1.2.2)
      kaminari-activerecord (= 1.2.2)
      kaminari-core (= 1.2.2)
    kaminari-actionview (1.2.2)
      actionview
      kaminari-core (= 1.2.2)
    kaminari-activerecord (1.2.2)
      activerecord
      kaminari-core (= 1.2.2)
    kaminari-core (1.2.2)
    language_server-protocol (3.17.0.3)
    launchy (2.5.0)
      addressable (~> 2.7)
    letter_opener (1.7.0)
      launchy (~> 2.2)
    listen (3.9.0)
      rb-fsevent (~> 0.10, >= 0.10.3)
      rb-inotify (~> 0.9, >= 0.9.10)
    logger (1.6.4)
    lograge (0.11.2)
      actionpack (>= 4)
      activesupport (>= 4)
      railties (>= 4)
      request_store (~> 1.0)
    loofah (2.24.0)
      crass (~> 1.0.2)
      nokogiri (>= 1.12.0)
    lumberjack (1.2.10)
    mail (2.8.1)
      mini_mime (>= 0.1.1)
      net-imap
      net-pop
      net-smtp
    marcel (1.0.4)
    matrix (0.4.2)
    memoist (0.16.2)
    memory_profiler (0.9.14)
    method_source (1.1.0)
    mini_magick (4.13.2)
    mini_mime (1.1.5)
    mini_portile2 (2.8.8)
    minitest (5.25.4)
    mobility (1.3.1)
      i18n (>= 0.6.10, < 2)
      request_store (~> 1.0)
    momentjs-rails (2.29.4.1)
      railties (>= 3.1)
    msgpack (1.7.5)
    multi_json (1.14.1)
    multi_xml (0.6.0)
    multipart-post (2.1.1)
    nenv (0.3.0)
    net-imap (0.5.5)
      date
      net-protocol
    net-pop (0.1.2)
      net-protocol
    net-protocol (0.2.2)
      timeout
    net-smtp (0.5.0)
      net-protocol
    nio4r (2.7.4)
    nokogiri (1.18.1)
      mini_portile2 (~> 2.8.2)
      racc (~> 1.4)
    nokogiri (1.18.1-x86_64-darwin)
      racc (~> 1.4)
    notiffany (0.1.3)
      nenv (~> 0.1)
      shellany (~> 0.0)
    oauth (0.5.4)
    oauth2 (1.4.4)
      faraday (>= 0.8, < 2.0)
      jwt (>= 1.0, < 3.0)
      multi_json (~> 1.3)
      multi_xml (~> 0.5)
      rack (>= 1.2, < 3)
    oj (3.16.8)
      bigdecimal (>= 3.0)
      ostruct (>= 0.2)
    oj_mimic_json (1.0.1)
    omniauth (1.9.1)
      hashie (>= 3.4.6)
      rack (>= 1.6.2, < 3)
    omniauth-facebook (6.0.0)
      omniauth-oauth2 (~> 1.2)
    omniauth-google-oauth2 (0.8.0)
      jwt (>= 2.0)
      omniauth (>= 1.1.1)
      omniauth-oauth2 (>= 1.6)
    omniauth-oauth2 (1.6.0)
      oauth2 (~> 1.1)
      omniauth (~> 1.9)
    opengraph_parser (0.2.5)
      addressable
      nokogiri
    orm_adapter (0.5.0)
    ostruct (0.6.1)
    parallel (1.26.3)
    parser (3.3.6.0)
      ast (~> 2.4.1)
      racc
    pdfkit (0.8.7.3)
    pg (1.5.9)
    pry (0.14.2)
      coderay (~> 1.1)
      method_source (~> 1.0)
    pry-byebug (3.10.1)
      byebug (~> 11.0)
      pry (>= 0.13, < 0.15)
    pry-rails (0.3.9)
      pry (>= 0.10.4)
    public_suffix (6.0.1)
    puma (5.6.9)
      nio4r (~> 2.0)
    pundit (2.1.0)
      activesupport (>= 3.0.0)
    racc (1.8.1)
    rack (2.2.10)
    rack-canonical-host (1.3.0)
      addressable (> 0, < 3)
      rack (>= 1.6, < 4)
    rack-mini-profiler (2.0.1)
      rack (>= 1.2.0)
    rack-proxy (0.7.7)
      rack
    rack-test (2.2.0)
      rack (>= 1.3)
    rails (7.0.8.7)
      actioncable (= 7.0.8.7)
      actionmailbox (= 7.0.8.7)
      actionmailer (= 7.0.8.7)
      actionpack (= 7.0.8.7)
      actiontext (= 7.0.8.7)
      actionview (= 7.0.8.7)
      activejob (= 7.0.8.7)
      activemodel (= 7.0.8.7)
      activerecord (= 7.0.8.7)
      activestorage (= 7.0.8.7)
      activesupport (= 7.0.8.7)
      bundler (>= 1.15.0)
      railties (= 7.0.8.7)
    rails-dom-testing (2.2.0)
      activesupport (>= 5.0.0)
      minitest
      nokogiri (>= 1.6)
    rails-html-sanitizer (1.6.2)
      loofah (~> 2.21)
      nokogiri (>= 1.15.7, != 1.16.7, != 1.16.6, != 1.16.5, != 1.16.4, != 1.16.3, != 1.16.2, != 1.16.1, != 1.16.0.rc1, != 1.16.0)
    railties (7.0.8.7)
      actionpack (= 7.0.8.7)
      activesupport (= 7.0.8.7)
      method_source
      rake (>= 12.2)
      thor (~> 1.0)
      zeitwerk (~> 2.5)
    rainbow (3.1.1)
    rake (13.2.1)
    rb-fsevent (0.11.2)
    rb-inotify (0.11.1)
      ffi (~> 1.0)
    redcarpet (3.5.0)
    redis (4.8.1)
    redis-client (0.23.0)
      connection_pool
    regexp_parser (2.10.0)
    request_store (1.7.0)
      rack (>= 1.4)
    responders (3.1.1)
      actionpack (>= 5.2)
      railties (>= 5.2)
    rexml (3.4.0)
    rolify (6.0.1)
    rspec (3.13.0)
      rspec-core (~> 3.13.0)
      rspec-expectations (~> 3.13.0)
      rspec-mocks (~> 3.13.0)
    rspec-composable_json_matchers (1.1.1)
      json (~> 2.0)
      rspec (~> 3.0)
    rspec-core (3.13.2)
      rspec-support (~> 3.13.0)
    rspec-expectations (3.13.3)
      diff-lcs (>= 1.2.0, < 2.0)
      rspec-support (~> 3.13.0)
    rspec-mocks (3.13.2)
      diff-lcs (>= 1.2.0, < 2.0)
      rspec-support (~> 3.13.0)
    rspec-rails (7.1.0)
      actionpack (>= 7.0)
      activesupport (>= 7.0)
      railties (>= 7.0)
      rspec-core (~> 3.13)
      rspec-expectations (~> 3.13)
      rspec-mocks (~> 3.13)
      rspec-support (~> 3.13)
    rspec-retry (0.6.2)
      rspec-core (> 3.3)
    rspec-support (3.13.2)
    rspec_junit_formatter (0.6.0)
      rspec-core (>= 2, < 4, != 2.12.0)
    rubocop (1.69.2)
      json (~> 2.3)
      language_server-protocol (>= 3.17.0)
      parallel (~> 1.10)
      parser (>= 3.3.0.2)
      rainbow (>= 2.2.2, < 4.0)
      regexp_parser (>= 2.9.3, < 3.0)
      rubocop-ast (>= 1.36.2, < 2.0)
      ruby-progressbar (~> 1.7)
      unicode-display_width (>= 2.4.0, < 4.0)
    rubocop-ast (1.37.0)
      parser (>= 3.3.1.0)
    rubocop-faker (1.2.0)
      faker (>= 2.12.0)
      rubocop (>= 1.13.0)
    ruby-oembed (0.16.1)
    ruby-progressbar (1.13.0)
    ruby-vips (2.2.2)
      ffi (~> 1.12)
      logger
    ruby2_keywords (0.0.5)
    rubyzip (2.4.1)
    safely_block (0.3.0)
      errbase (>= 0.1.1)
    sassc (2.4.0)
      ffi (~> 1.9)
    sassc-rails (2.1.2)
      railties (>= 4.0.0)
      sassc (>= 2.0)
      sprockets (> 3.0)
      sprockets-rails
      tilt
    selectize-rails (0.12.6)
    selenium-webdriver (4.10.0)
      rexml (~> 3.2, >= 3.2.5)
      rubyzip (>= 1.2.2, < 3.0)
      websocket (~> 1.0)
    semantic_range (3.1.0)
    sentry-raven (3.1.2)
      faraday (>= 1.0)
    shellany (0.0.1)
    shoulda-matchers (4.5.1)
      activesupport (>= 4.2.0)
    sidekiq (7.3.6)
      connection_pool (>= 2.3.0)
      logger
      rack (>= 2.2.4)
      redis-client (>= 0.22.2)
    skylight (5.3.5)
      activesupport (>= 5.2.0)
    spring (4.2.1)
    spring-commands-rspec (1.0.4)
      spring (>= 0.9.1)
    spring-watcher-listen (2.1.0)
      listen (>= 2.7, < 4.0)
      spring (>= 4)
    sprockets (3.7.2)
      concurrent-ruby (~> 1.0)
      rack (> 1, < 3)
    sprockets-rails (3.5.2)
      actionpack (>= 6.1)
      activesupport (>= 6.1)
      sprockets (>= 3.0.0)
    sqlite3 (1.6.9)
      mini_portile2 (~> 2.8.0)
    sqlite3 (1.6.9-x86_64-darwin)
    stackprof (0.2.15)
    table_print (1.5.6)
    temple (0.10.3)
    thor (1.3.2)
    thread_safe (0.3.6)
    tilt (2.5.0)
    time_for_a_boolean (0.2.2)
      activerecord
      railties
    timeout (0.4.3)
    tzinfo (2.0.6)
      concurrent-ruby (~> 1.0)
    unicode-display_width (3.1.3)
      unicode-emoji (~> 4.0, >= 4.0.4)
    unicode-emoji (4.0.4)
    uniform_notifier (1.16.0)
    virtus (2.0.0)
      axiom-types (~> 0.1)
      coercible (~> 1.0)
      descendants_tracker (~> 0.0, >= 0.0.3)
    warden (1.2.9)
      rack (>= 2.0.9)
    web-console (4.2.1)
      actionview (>= 6.0.0)
      activemodel (>= 6.0.0)
      bindex (>= 0.4.0)
      railties (>= 6.0.0)
    webdrivers (5.3.1)
      nokogiri (~> 1.6)
      rubyzip (>= 1.3.0)
      selenium-webdriver (~> 4.0, < 4.11)
    webpacker (5.4.4)
      activesupport (>= 5.2)
      rack-proxy (>= 0.6.1)
      railties (>= 5.2)
      semantic_range (>= 2.3.0)
    websocket (1.2.11)
    websocket-driver (0.7.7)
      base64
      websocket-extensions (>= 0.1.0)
    websocket-extensions (0.1.5)
    wkhtmltopdf-heroku (3.0.0)
    xpath (3.2.0)
      nokogiri (~> 1.8)
    yard (0.9.24)
    yard-activerecord (0.0.16)
      yard (>= 0.8.3)
    yard-activesupport-concern (0.0.1)
      yard (>= 0.8)
    zeitwerk (2.6.18)

PLATFORMS
  ruby
  x86_64-darwin-19

DEPENDENCIES
  active_model_serializers (= 0.10.13)
  active_storage_validations
  acts_as_list
  administrate (~> 0.17.0)
  administrate-field-active_storage
  ahoy_matey
  awesome_print
  aws-sdk-s3
  bootsnap
  bullet (>= 6.1.1)
  capybara
  capybara-screenshot
  clowne
  clowne_active_storage
  connection_pool
  database_cleaner-active_record
  devise (~> 4.8)
  devise-i18n
  doc_to_dash
  dotenv-rails
  draper
  email_reply_parser
  factory_bot_rails
  faker
  ffi (~> 1.15, >= 1.15.5)
  flamegraph
  foreman
  friendly_id
  groupdate
  guard-rspec
  haml (= 5.1.2)
  http_accept_language
  i18n_generators
  i18n_yaml_sorter
  image_processing
  ims-lti
  inline_svg
  jbuilder (~> 2.11)
  kaminari
  letter_opener
  listen (~> 3.7)
  lograge
  markerb!
  memoist
  memory_profiler
  mobility
  multi_json
  oj (~> 3.13)
  oj_mimic_json
  omniauth-facebook
  omniauth-google-oauth2
  omniauth-lti!
  opengraph_parser
  pdfkit (>= 0.8.7.2)
  pg (>= 1.1, < 2.0)
  pry (~> 0.14.1)
  pry-byebug
  pry-rails
  puma (>= 5.6.9)
  pundit
  rack-canonical-host
  rack-mini-profiler
  rails (~> 7.0)
  redcarpet
  redis (~> 4.5)
  rexml
  rolify
  rspec
  rspec-composable_json_matchers
  rspec-rails
  rspec-retry
  rspec_junit_formatter
  rubocop
  rubocop-faker
  ruby-oembed
  sassc-rails (~> 2.1, >= 2.1.2)
  selenium-webdriver
  sentry-raven (~> 3.1)
  shoulda-matchers (~> 4.5)
  sidekiq (~> 7.0)
  skylight (~> 5.2)
  spring
  spring-commands-rspec
  spring-watcher-listen
  sprockets-rails (~> 3.5, >= 3.5.2)
  sqlite3 (~> 1.6.0)
  stackprof
  table_print
  time_for_a_boolean
  virtus
  web-console (>= 4.1.0)
  webdrivers
  webpacker (~> 5.4)
  wkhtmltopdf-heroku (= 3.0.0)
  yard
  yard-activerecord
  yard-activesupport-concern

RUBY VERSION
   ruby 3.2.6

BUNDLED WITH
   2.4.19
